PATH
  remote: .
  specs:
    nessus (0.1.0.beta.18)
      faraday

GEM
  remote: https://rubygems.org/
  specs:
    coderay (1.1.0)
    faraday (0.8.9)
      multipart-post (~> 1.2.0)
    method_source (0.8.2)
    multipart-post (1.2.0)
    pry (0.9.12.3)
      coderay (~> 1.0)
      method_source (~> 0.8)
      slop (~> 3.4)
    rake (10.1.0)
    slop (3.4.6)
    yard (0.8.7.3)

PLATFORMS
  ruby

DEPENDENCIES
  bundler (~> 1.3)
  nessus!
  pry
  rake
  yard
